GEM
  remote: https://rubygems.org/
  specs:
    ast (2.4.2)
    json (2.6.3)
    minitest (5.18.0)
    nio4r (2.5.8)
    parallel (1.22.1)
    parser (3.2.0.0)
      ast (~> 2.4.1)
    puma (6.0.2)
      nio4r (~> 2.0)
    rack (3.0.4.1)
    rack-test (2.0.2)
      rack (>= 1.3)
    rainbow (3.1.1)
    rake (13.0.6)
    regexp_parser (2.7.0)
    rexml (3.2.5)
    rubocop (1.45.1)
      json (~> 2.3)
      parallel (~> 1.10)
      parser (>= 3.2.0.0)
      rainbow (>= 2.2.2, < 4.0)
      regexp_parser (>= 1.8, < 3.0)
      rexml (>= 3.2.5, < 4.0)
      rubocop-ast (>= 1.24.1, < 2.0)
      ruby-progressbar (~> 1.7)
      unicode-display_width (>= 2.4.0, < 3.0)
    rubocop-ast (1.24.1)
      parser (>= 3.1.1.0)
    rubocop-minitest (0.27.0)
      rubocop (>= 0.90, < 2.0)
    rubocop-rake (0.6.0)
      rubocop (~> 1.0)
    ruby-progressbar (1.11.0)
    unicode-display_width (2.4.2)

PLATFORMS
  x86_64-linux

DEPENDENCIES
  minitest
  puma
  rack
  rack-test
  rake
  rubocop
  rubocop-minitest
  rubocop-rake

RUBY VERSION
   ruby 3.2.0p0

BUNDLED WITH
   2.4.5
